GEM
  remote: https://rubygems.org/
  specs:
    activemodel (5.0.1)
      activesupport (= 5.0.1)
    activerecord (5.0.1)
      activemodel (= 5.0.1)
      activesupport (= 5.0.1)
      arel (~> 7.0)
    activerecord-utils (0.4.0)
      activerecord
      logutils
    activesupport (5.0.1)
      concurrent-ruby (~> 1.0, >= 1.0.2)
      i18n (~> 0.7)
      minitest (~> 5.1)
      tzinfo (~> 1.1)
    activityutils (0.1.0)
      logutils (>= 0.5)
    arel (7.1.4)
    concurrent-ruby (1.0.4)
    feedfilter (1.1.1)
      textutils (>= 1.0.1)
    feedparser (1.0.0)
      logutils (>= 0.6.1)
      textutils (>= 1.0.0)
    fetcher (0.4.5)
      logutils (>= 0.6)
    gli (2.15.0)
    i18n (0.8.0)
    liquid (4.0.0)
    logutils (0.6.1)
    logutils-activerecord (0.2.1)
      activerecord
      logutils (>= 0.6.1)
    minitest (5.10.1)
    pakman (0.7.0)
      fetcher (>= 0.4.5)
      liquid (>= 3.0.6)
      logutils (>= 0.6.1)
    pluto (1.2.3)
      gli (>= 2.12.2)
      pluto-merge (>= 1.1.0)
      pluto-models (>= 1.4.0)
      pluto-tasks (>= 1.5.2)
      pluto-update (>= 1.6.0)
      sqlite3
    pluto-feedfetcher (0.1.0)
      fetcher (>= 0.4.4)
      pluto-models (>= 1.3.2)
    pluto-merge (1.1.0)
      fetcher (>= 0.4.4)
      pakman (>= 0.5.0)
      pluto-models (>= 1.2.2)
    pluto-models (1.4.0)
      activerecord
      activerecord-utils (>= 0.2.0)
      activityutils (>= 0.1.0)
      feedfilter (>= 1.1.1)
      feedparser (>= 1.0.0)
      logutils (>= 0.6.1)
      logutils-activerecord (>= 0.2.0)
      props (>= 1.1.2)
      props-activerecord (>= 0.1.0)
      textutils (>= 1.0.1)
    pluto-tasks (1.5.3)
      pluto-models (>= 1.4.0)
      pluto-update (>= 1.6.0)
    pluto-update (1.6.0)
      fetcher (>= 0.4.4)
      pluto-feedfetcher (>= 0.1.0)
      pluto-models (>= 1.4.0)
      preproc (>= 0.1.0)
    preproc (0.1.0)
      fetcher
      logutils
    props (1.1.2)
    props-activerecord (0.1.0)
      activerecord
      props (>= 1.1.2)
    rubyzip (1.2.1)
    sass (3.4.23)
    sqlite3 (1.3.13)
    textutils (1.4.0)
      activesupport
      logutils (>= 0.6.1)
      props (>= 1.1.2)
      rubyzip (>= 1.0.0)
    thread_safe (0.3.5)
    tzinfo (1.2.2)
      thread_safe (~> 0.1)

PLATFORMS
  ruby

DEPENDENCIES
  activerecord
  pluto
  sass
  sqlite3

RUBY VERSION
   ruby 2.3.3p222

BUNDLED WITH
   1.12.5
